GIT
  remote: git://github.com/mhs/compass-960-plugin.git
  revision: 5c5bfbf1d8c4a6ca6eb0a6968df512c7f7790e6b
  specs:
    compass-960-plugin (0.10.0)
      compass (>= 0.10.0)

GEM
  remote: http://rubygems.org/
  specs:
    chunky_png (0.12.0)
    compass (0.11.beta.2)
      chunky_png (~> 0.12.0)
      sass (>= 3.1.0.alpha.218)
    haml (3.0.25)
    rack (1.2.1)
    sass (3.1.0.alpha.221)
    staticmatic (0.11.1)
      compass (>= 0.10.0)
      haml (>= 2.0.0)
      rack (>= 1.0)

PLATFORMS
  java
  ruby

DEPENDENCIES
  compass (= 0.11.beta.2)
  compass-960-plugin!
  staticmatic (= 0.11.1)
