GEM
  remote: http://rubygems.org/
  specs:
    chunky_png (0.12.0)
    compass (0.11.beta.2)
      chunky_png (~> 0.12.0)
      sass (>= 3.1.0.alpha.218)
    compass-960-plugin (0.10.0)
      compass (>= 0.10.0)
    haml (3.0.25)
    rack (1.2.1)
    sass (3.1.0.alpha.221)
    staticmatic (0.11.1)
      compass (>= 0.10.0)
      haml (>= 2.0.0)
      rack (>= 1.0)

PLATFORMS
  java
  ruby

DEPENDENCIES
  compass (= 0.11.beta.2)
  compass-960-plugin (= 0.10)
  staticmatic (= 0.11.1)
