GEM
  remote: http://rubygems.org/
  specs:
    addressable (2.2.6)
    aws-s3 (0.6.2)
      builder
      mime-types
      xml-simple
    builder (3.0.0)
    chunky_png (1.2.5)
    compass (0.12.1)
      chunky_png (~> 1.2)
      fssm (>= 0.2.7)
      sass (~> 3.1)
    compass-960-plugin (0.10.4)
      compass (>= 0.10.0)
    ffi (1.0.9-java)
    fssm (0.2.9)
    haml (3.1.5)
    launchy (2.0.4)
      addressable (~> 2.2.6)
    launchy (2.0.4-java)
      addressable (~> 2.2.6)
      ffi (~> 1.0.9)
      spoon (~> 0.0.1)
    mime-types (1.18)
    rack (1.4.1)
    rake (0.9.2)
    sass (3.1.19)
    spoon (0.0.1)
    staticmatic2 (2.1.4)
      aws-s3
      compass (~> 0.12.1)
      haml (~> 3.1)
      rack (>= 1.0)
      sass (~> 3.1)
      thor (>= 0.14.6)
      tilt (>= 1.3)
    term-ansicolor (1.0.6)
    thor (0.15.2)
    tilt (1.3.3)
    xml-simple (1.1.1)
    yui-compass-plugin (0.3)
      compass (>= 0.10.0)

PLATFORMS
  java
  ruby

DEPENDENCIES
  compass (= 0.12.1)
  compass-960-plugin (= 0.10.4)
  launchy (~> 2.0)
  rake (~> 0.9)
  sass (= 3.1.19)
  staticmatic2 (~> 2.1)
  term-ansicolor (~> 1.0)
  yui-compass-plugin
