GEM
  remote: http://rubygems.org/
  specs:
    chunky_png (1.2.0)
    compass (0.12.1)
      chunky_png (~> 1.2)
      fssm (>= 0.2.7)
      sass (~> 3.1)
    compass-960-plugin (0.10.4)
      compass (>= 0.10.0)
    compass-h5bp (0.0.5)
      compass
    fssm (0.2.7)
    sass (3.1.7)
    yui-compass-plugin (0.3)
      compass (>= 0.10.0)

PLATFORMS
  java

DEPENDENCIES
  compass (= 0.12.1)
  compass-960-plugin (= 0.10.4)
  compass-h5bp
  yui-compass-plugin
